GEM
  remote: http://rubygems.org/
  specs:
    activesupport (2.3.12)
    autotest-fsevent (0.2.5)
      sys-uname
    autotest-growl (0.2.9)
    bson (1.3.1)
    bson_ext (1.3.1)
    builder (3.0.0)
    capybara (1.0.0)
      mime-types (>= 1.16)
      nokogiri (>= 1.3.3)
      rack (>= 1.0.0)
      rack-test (>= 0.5.4)
      selenium-webdriver (~> 0.2.0)
      xpath (~> 0.1.4)
    childprocess (0.1.9)
      ffi (~> 1.0.6)
    configuration (1.3.1)
    cucumber (1.0.0)
      builder (>= 2.1.2)
      diff-lcs (>= 1.1.2)
      gherkin (~> 2.4.1)
      json (>= 1.4.6)
      term-ansicolor (>= 1.0.5)
    diff-lcs (1.1.2)
    durran-validatable (2.0.1)
    factory_girl (1.3.3)
    ffi (1.0.9)
    gherkin (2.4.1)
      json (>= 1.4.6)
    gizmo (0.1.1)
      activesupport (~> 2.3.5)
      nokogiri (>= 1.4.1)
      tilt (>= 1.0.1)
    har (0.0.6)
      json
      json-schema (= 0.1.12)
      launchy
    json (1.5.3)
    json-schema (0.1.12)
      json
    json_pure (1.5.3)
    launchy (0.4.0)
      configuration (>= 0.0.5)
      rake (>= 0.8.1)
    leshill-will_paginate (2.3.11)
    mime-types (1.16)
    mongo (1.3.1)
      bson (>= 1.3.1)
    mongoid (1.0.6)
      activesupport (>= 2.2.2)
      durran-validatable (>= 2.0.1)
      leshill-will_paginate (>= 2.3.11)
      mongo (>= 0.18.2)
    nokogiri (1.4.6)
    rack (1.3.0)
    rack-test (0.6.0)
      rack (>= 1.0)
    rake (0.9.2)
    rspec (2.6.0)
      rspec-core (~> 2.6.0)
      rspec-expectations (~> 2.6.0)
      rspec-mocks (~> 2.6.0)
    rspec-core (2.6.4)
    rspec-expectations (2.6.0)
      diff-lcs (~> 1.1.2)
    rspec-mocks (2.6.0)
    rubyzip (0.9.4)
    selenium-webdriver (0.2.2)
      childprocess (>= 0.1.9)
      ffi (>= 1.0.7)
      json_pure
      rubyzip
    spork (0.8.5)
    sys-uname (0.8.5)
    term-ansicolor (1.0.5)
    tilt (1.3.2)
    watir-webdriver (0.2.5)
      selenium-webdriver (>= 0.2.2)
    xpath (0.1.4)
      nokogiri (~> 1.3)

PLATFORMS
  ruby

DEPENDENCIES
  autotest-fsevent
  autotest-growl
  bson_ext
  capybara
  cucumber
  factory_girl
  gizmo
  har
  mongo
  mongoid
  rspec
  selenium-webdriver
  spork
  watir-webdriver
